GIT
  remote: git://github.com/judofyr/appy.git
  revision: 1d32d2cfc79cfa31aba7d0f29dbcde0ab086e2a5
  specs:
    appy (1.master)
      cri (~> 2.15.0)

GIT
  remote: git://github.com/judofyr/fibby.git
  revision: 84af7ac9863fc9152bb43b8e05abf1d08f766d13
  specs:
    fibby (1.master)
      ippon

GIT
  remote: git://github.com/judofyr/ippon.git
  revision: 4d18ba20c9f2cc21cdbff73a45b98b849c56e2d2
  specs:
    ippon (1.master)

GEM
  remote: https://rubygems.org/
  specs:
    argon2 (2.0.2)
      ffi (~> 1.9)
      ffi-compiler (>= 0.1)
    coderay (1.1.2)
    cri (2.15.5)
    faraday (0.15.4)
      multipart-post (>= 1.2, < 3)
    ffi (1.10.0)
    ffi-compiler (1.0.1)
      ffi (>= 1.0.0)
      rake
    method_source (0.9.2)
    multipart-post (2.1.0)
    pg (1.1.4)
    pry (0.12.2)
      coderay (~> 1.1.0)
      method_source (~> 0.9.0)
    puma (3.12.1)
    rack (2.0.7)
    rake (12.3.2)
    roda (3.19.0)
      rack
    sentry-raven (2.9.0)
      faraday (>= 0.7.6, < 1.0)
    sequel (5.20.0)
    tubby (1.0)
    zeitwerk (2.1.6)

PLATFORMS
  ruby

DEPENDENCIES
  appy!
  argon2
  fibby!
  ippon!
  pg
  pry
  puma
  roda (~> 3.19.0)
  sentry-raven
  sequel (~> 5.20.0)
  tubby (~> 1.0)
  zeitwerk

RUBY VERSION
   ruby 2.5.3p105

BUNDLED WITH
   1.17.2
