GIT
  remote: git://github.com/judofyr/appy.git
  revision: 1d32d2cfc79cfa31aba7d0f29dbcde0ab086e2a5
  specs:
    appy (1.master)
      cri (~> 2.15.0)

GIT
  remote: git://github.com/judofyr/ippon.git
  revision: 79afe2fa02d1e8ab1b5d50d851ef1b9d382789ef
  specs:
    ippon (1.master)

GEM
  remote: https://rubygems.org/
  specs:
    argon2 (2.0.2)
      ffi (~> 1.9)
      ffi-compiler (>= 0.1)
    coderay (1.1.2)
    cri (2.15.5)
    faraday (0.15.4)
      multipart-post (>= 1.2, < 3)
    ffi (1.10.0)
    ffi-compiler (1.0.1)
      ffi (>= 1.0.0)
      rake
    jwt (2.1.0)
    method_source (0.9.2)
    multi_json (1.13.1)
    multi_xml (0.6.0)
    multipart-post (2.1.0)
    nio4r (2.5.2)
    oauth2 (1.4.1)
      faraday (>= 0.8, < 0.16.0)
      jwt (>= 1.0, < 3.0)
      multi_json (~> 1.3)
      multi_xml (~> 0.5)
      rack (>= 1.2, < 3)
    pg (1.1.4)
    pry (0.12.2)
      coderay (~> 1.1.0)
      method_source (~> 0.9.0)
    puma (4.3.3)
      nio4r (~> 2.0)
    que (1.0.0.beta3)
    rack (2.0.7)
    rake (12.3.2)
    roda (3.19.0)
      rack
    sentry-raven (2.9.0)
      faraday (>= 0.7.6, < 1.0)
    sequel (5.20.0)
    tubby (1.0)
    zeitwerk (2.1.6)

PLATFORMS
  ruby

DEPENDENCIES
  appy!
  argon2
  ippon!
  oauth2 (~> 1.4.1)
  pg
  pry
  puma
  que (= 1.0.0.beta3)
  roda (~> 3.19.0)
  sentry-raven
  sequel (~> 5.20.0)
  tubby (~> 1.0)
  zeitwerk

RUBY VERSION
   ruby 2.6.5p114

BUNDLED WITH
   1.17.2
