GIT
  remote: git://github.com/judofyr/appy.git
  revision: 46a4535b87b21c181e6b1b9849316c95cf8953fe
  specs:
    appy (1.master)

GIT
  remote: git://github.com/judofyr/ippon.git
  revision: 4d18ba20c9f2cc21cdbff73a45b98b849c56e2d2
  specs:
    ippon (1.master)

GEM
  remote: https://rubygems.org/
  specs:
    argon2 (2.0.2)
      ffi (~> 1.9)
      ffi-compiler (>= 0.1)
    coderay (1.1.2)
    ffi (1.10.0)
    ffi-compiler (1.0.1)
      ffi (>= 1.0.0)
      rake
    method_source (0.9.2)
    pg (1.1.4)
    pry (0.12.2)
      coderay (~> 1.1.0)
      method_source (~> 0.9.0)
    puma (3.12.1)
    rack (2.0.7)
    rake (12.3.2)
    roda (3.19.0)
      rack
    sequel (5.20.0)
    tubby (1.0)
    zeitwerk (2.1.6)

PLATFORMS
  ruby

DEPENDENCIES
  appy!
  argon2
  ippon!
  pg
  pry
  puma
  roda (~> 3.19.0)
  sequel (~> 5.20.0)
  tubby (~> 1.0)
  zeitwerk

RUBY VERSION
   ruby 2.5.3p105

BUNDLED WITH
   1.17.2
